PATH
  remote: .
  specs:
    bafl_view_tool (0.1.0)

GEM
  remote: https://rubygems.org/
  specs:
    rake (12.3.0)

PLATFORMS
  ruby

DEPENDENCIES
  bafl_view_tool!
  rake (~> 12.0)

BUNDLED WITH
   2.1.4
